GEM
  remote: https://rubygems.org/
  specs:
    deepmap (0.1.1)
    diff-lcs (1.3)
    pg (0.21.0)
    redis (3.3.3)
    rspec (3.0.0)
      rspec-core (~> 3.0.0)
      rspec-expectations (~> 3.0.0)
      rspec-mocks (~> 3.0.0)
    rspec-core (3.0.4)
      rspec-support (~> 3.0.0)
    rspec-expectations (3.0.4)
      diff-lcs (>= 1.2.0, < 2.0)
      rspec-support (~> 3.0.0)
    rspec-mocks (3.0.4)
      rspec-support (~> 3.0.0)
    rspec-support (3.0.4)

PLATFORMS
  ruby

DEPENDENCIES
  deepmap
  pg
  redis
  rspec (= 3.0.0)

BUNDLED WITH
   1.12.5
